GEM
  remote: https://rubygems.org/
  specs:
    bson (4.5.0)
    byebug (11.0.1)
    cli-ui (1.2.3)
    mini_portile2 (2.8.0)
    mongo (2.9.0)
      bson (>= 4.4.2, < 5.0.0)
    nokogiri (1.13.9)
      mini_portile2 (~> 2.8.0)
      racc (~> 1.4)
    racc (1.6.0)

PLATFORMS
  ruby

DEPENDENCIES
  byebug
  cli-ui
  mongo
  nokogiri

BUNDLED WITH
   2.0.2
